GEM
  remote: http://rubygems.org/
  specs:
    addressable (2.8.0)
      public_suffix (>= 2.0.2, < 5.0)
    css_parser (1.5.0)
      addressable
    htmlentities (4.3.4)
    mini_portile2 (2.1.0)
    nokogiri (1.7.1)
      mini_portile2 (~> 2.1.0)
    premailer (1.10.3)
      addressable
      css_parser (>= 1.4.10)
      htmlentities (>= 4.0.0)
    public_suffix (4.0.6)

PLATFORMS
  ruby

DEPENDENCIES
  nokogiri (~> 1.7.1)
  premailer (~> 1.10.3)

BUNDLED WITH
   1.14.6
